NUGET
  remote: https://www.nuget.org/api/v2
    FSharp.Core (4.0.1.7-alpha)
      Microsoft.NETCore.Platforms (>= 1.0.1) - framework: >= net463, >= netstandard16
      NETStandard.Library (>= 1.6) - framework: >= net463, >= netstandard16
      System.Linq.Expressions (>= 4.1) - framework: >= net463, >= netstandard16
      System.Linq.Queryable (>= 4.0.1) - framework: >= net463, >= netstandard16
      System.Net.Requests (>= 4.0.11) - framework: >= net463, >= netstandard16
      System.Reflection.Emit (>= 4.0.1) - framework: >= net463, >= netstandard16
      System.Reflection.TypeExtensions (>= 4.1) - framework: >= net463, >= netstandard16
      System.Runtime.Loader (>= 4.0) - framework: >= net463, >= netstandard16
      System.Threading.Tasks.Parallel (>= 4.0.1) - framework: >= net463, >= netstandard16
      System.Threading.Thread (>= 4.0) - framework: >= net463, >= netstandard16
      System.Threading.ThreadPool (>= 4.0.10) - framework: >= net463, >= netstandard16
    FSharp.NET.Sdk (1.0.0-beta-040011)
    FsLexYacc (7.0.3)
      FsLexYacc.Runtime (>= 7.0.3 < 7.1)
    FsLexYacc.Runtime (7.0.3)
      FSharp.Core (>= 3.1.2.5)
    Microsoft.CodeAnalysis.Common (1.3.2) - framework: netcore10
    Microsoft.CodeAnalysis.CSharp (1.3.2) - framework: netcore10
      Microsoft.CodeAnalysis.Common (1.3.2)
    Microsoft.CodeAnalysis.VisualBasic (1.3.2) - framework: netcore10
      Microsoft.CodeAnalysis.Common (>= 1.3.2)
    Microsoft.NETCore.App (1.0.1)
      Libuv (>= 1.9) - framework: netcore10
      Microsoft.CodeAnalysis.CSharp (>= 1.3) - framework: netcore10
      Microsoft.CodeAnalysis.VisualBasic (>= 1.3) - framework: netcore10
      Microsoft.CSharp (>= 4.0.1) - framework: netcore10
      Microsoft.NETCore.DotNetHostPolicy (>= 1.0.1) - framework: netcore10
      Microsoft.NETCore.Runtime.CoreCLR (>= 1.0.4) - framework: netcore10
      Microsoft.VisualBasic (>= 10.0.1) - framework: netcore10
      NETStandard.Library (>= 1.6) - framework: netcore10
      System.Buffers (>= 4.0) - framework: netcore10
      System.Collections.Immutable (>= 1.2) - framework: netcore10
      System.ComponentModel (>= 4.0.1) - framework: netcore10
      System.ComponentModel.Annotations (>= 4.1) - framework: netcore10
      System.Diagnostics.DiagnosticSource (>= 4.0) - framework: netcore10
      System.Diagnostics.Process (>= 4.1) - framework: netcore10
      System.Dynamic.Runtime (>= 4.0.11) - framework: netcore10
      System.Globalization.Extensions (>= 4.0.1) - framework: netcore10
      System.IO.FileSystem.Watcher (>= 4.0) - framework: netcore10
      System.IO.MemoryMappedFiles (>= 4.0) - framework: netcore10
      System.IO.UnmanagedMemoryStream (>= 4.0.1) - framework: netcore10
      System.Linq.Expressions (>= 4.1) - framework: netcore10
      System.Linq.Parallel (>= 4.0.1) - framework: netcore10
      System.Linq.Queryable (>= 4.0.1) - framework: netcore10
      System.Net.NameResolution (>= 4.0) - framework: netcore10
      System.Net.Requests (>= 4.0.11) - framework: netcore10
      System.Net.Security (>= 4.0) - framework: netcore10
      System.Net.WebHeaderCollection (>= 4.0.1) - framework: netcore10
      System.Numerics.Vectors (>= 4.1.1) - framework: netcore10
      System.Reflection.DispatchProxy (>= 4.0.1) - framework: netcore10
      System.Reflection.Metadata (>= 1.3) - framework: netcore10
      System.Reflection.TypeExtensions (>= 4.1) - framework: netcore10
      System.Resources.Reader (>= 4.0) - framework: netcore10
      System.Runtime.Loader (>= 4.0) - framework: netcore10
      System.Security.Cryptography.Algorithms (>= 4.2) - framework: netcore10
      System.Security.Cryptography.Encoding (>= 4.0) - framework: netcore10
      System.Security.Cryptography.Primitives (>= 4.0) - framework: netcore10
      System.Security.Cryptography.X509Certificates (>= 4.1) - framework: netcore10
      System.Threading.Tasks.Dataflow (>= 4.6) - framework: netcore10
      System.Threading.Tasks.Extensions (>= 4.0) - framework: netcore10
      System.Threading.Tasks.Parallel (>= 4.0.1) - framework: netcore10
      System.Threading.Thread (>= 4.0) - framework: netcore10
      System.Threading.ThreadPool (>= 4.0.10) - framework: netcore10
    NUnit (3.5)
    NUnit.ConsoleRunner (3.5)
    NUnit.Extension.NUnitProjectLoader (3.5)
    NUnit.Extension.NUnitV2Driver (3.5)
    NUnit.Extension.NUnitV2ResultWriter (3.5)
    NUnit.Extension.TeamCityEventListener (1.0.2)
    NUnit.Extension.VSProjectLoader (3.5)
    NUnit.Runners (3.5)
      NUnit.ConsoleRunner (>= 3.5)
      NUnit.Extension.NUnitProjectLoader (>= 3.5)
      NUnit.Extension.NUnitV2Driver (>= 3.5)
      NUnit.Extension.NUnitV2ResultWriter (>= 3.5)
      NUnit.Extension.TeamCityEventListener (>= 1.0.2)
      NUnit.Extension.VSProjectLoader (>= 3.5)
    System.Globalization (4.3)
      Microsoft.NETCore.Platforms (>= 1.1) - framework: dnxcore50, netstandard10, >= netstandard13
      Microsoft.NETCore.Targets (>= 1.1) - framework: dnxcore50, netstandard10, >= netstandard13
      System.Runtime (>= 4.3) - framework: dnxcore50, netstandard10, >= netstandard13
  remote: https://www.myget.org/F/dotnet-core
    Libuv (1.9.1) - framework: netcore10
    Microsoft.CSharp (4.3.0) - framework: netcore10
    Microsoft.NET.Sdk (1.0.0-alpha-20161205-1)
      NuGet.Build.Tasks.Pack (>= 4.0.0-rc2)
    Microsoft.NETCore.DotNetHost (1.1.0) - framework: netcore10
    Microsoft.NETCore.DotNetHostPolicy (1.1.0) - framework: netcore10
      Microsoft.NETCore.DotNetHostResolver (>= 1.1)
    Microsoft.NETCore.DotNetHostResolver (1.1.0) - framework: netcore10
      Microsoft.NETCore.DotNetHost (>= 1.1)
    Microsoft.NETCore.Jit (1.1.0) - framework: netcore10
    Microsoft.NETCore.Platforms (1.1.0) - framework: >= net463, dnxcore50, netstandard10, >= netstandard13
    Microsoft.NETCore.Runtime.CoreCLR (1.1.0) - framework: netcore10
      Microsoft.NETCore.Jit (>= 1.1)
      Microsoft.NETCore.Windows.ApiSets (>= 1.0.1)
    Microsoft.NETCore.Targets (1.1.0) - framework: >= net463, dnxcore50, netstandard10, >= netstandard13
    Microsoft.NETCore.Windows.ApiSets (1.0.1) - framework: netcore10
    Microsoft.VisualBasic (10.1.0) - framework: netcore10
    NETStandard.Library (1.6.1) - framework: >= net463, >= netstandard16, netcore10
    NuGet.Build.Tasks.Pack (4.0.0-rc3-2112)
    System.Buffers (4.3.0) - framework: netcore10
    System.Collections.Immutable (1.3.0) - framework: netcore10
    System.ComponentModel (4.3.0) - framework: netcore10
    System.ComponentModel.Annotations (4.3.0) - framework: netcore10
    System.Diagnostics.DiagnosticSource (4.3.0) - framework: netcore10
    System.Diagnostics.Process (4.3.0) - framework: netcore10
    System.Dynamic.Runtime (4.3.0) - framework: netcore10
    System.Globalization.Extensions (4.3.0) - framework: netcore10
    System.IO (4.3.0)
      Microsoft.NETCore.Platforms (>= 1.1) - framework: dnxcore50, netstandard10, netstandard13, >= netstandard15
      Microsoft.NETCore.Targets (>= 1.1) - framework: dnxcore50, netstandard10, netstandard13, >= netstandard15
      System.Runtime (>= 4.3) - framework: dnxcore50, netstandard10, netstandard13, >= netstandard15
      System.Text.Encoding (>= 4.3) - framework: dnxcore50, netstandard10, netstandard13, >= netstandard15
      System.Threading.Tasks (>= 4.3) - framework: dnxcore50, netstandard10, netstandard13, >= netstandard15
    System.IO.FileSystem.Watcher (4.3.0) - framework: netcore10
    System.IO.MemoryMappedFiles (4.3.0) - framework: netcore10
    System.IO.UnmanagedMemoryStream (4.3.0) - framework: netcore10
    System.Linq.Expressions (4.3.0) - framework: >= net463, >= netstandard16, netcore10
    System.Linq.Parallel (4.3.0) - framework: netcore10
    System.Linq.Queryable (4.3.0) - framework: >= net463, >= netstandard16, netcore10
    System.Net.NameResolution (4.3.0) - framework: netcore10
    System.Net.Requests (4.3.0) - framework: >= net463, >= netstandard16, netcore10
    System.Net.Security (4.3.0) - framework: netcore10
    System.Net.WebHeaderCollection (4.3.0) - framework: netcore10
    System.Numerics.Vectors (4.3.0) - framework: netcore10
    System.Reflection (4.3.0) - framework: >= net463, >= netstandard16
      Microsoft.NETCore.Platforms (>= 1.1) - framework: dnxcore50, netstandard10, netstandard13, >= netstandard15
      Microsoft.NETCore.Targets (>= 1.1) - framework: dnxcore50, netstandard10, netstandard13, >= netstandard15
      System.IO (>= 4.3) - framework: dnxcore50, netstandard10, netstandard13, >= netstandard15
      System.Reflection.Primitives (>= 4.3) - framework: dnxcore50, netstandard10, netstandard13, >= netstandard15
      System.Runtime (>= 4.3) - framework: dnxcore50, netstandard10, netstandard13, >= netstandard15
    System.Reflection.DispatchProxy (4.3.0) - framework: netcore10
    System.Reflection.Emit (4.3.0) - framework: >= net463, >= netstandard16
      System.IO (>= 4.3) - framework: >= netstandard11
      System.Reflection (>= 4.3) - framework: >= netstandard11
      System.Reflection.Emit.ILGeneration (>= 4.3) - framework: >= netstandard11
      System.Reflection.Primitives (>= 4.3) - framework: >= netstandard11
      System.Runtime (>= 4.3) - framework: >= netstandard11
    System.Reflection.Emit.ILGeneration (4.3.0) - framework: >= net463, >= netstandard16
      System.Reflection (>= 4.3) - framework: >= netstandard10
      System.Reflection.Primitives (>= 4.3) - framework: >= netstandard10
      System.Runtime (>= 4.3) - framework: >= netstandard10
    System.Reflection.Metadata (1.4.1) - framework: netcore10
    System.Reflection.Primitives (4.3.0) - framework: >= net463, >= netstandard16
      Microsoft.NETCore.Platforms (>= 1.1) - framework: dnxcore50, >= netstandard10
      Microsoft.NETCore.Targets (>= 1.1) - framework: dnxcore50, >= netstandard10
      System.Runtime (>= 4.3) - framework: dnxcore50, >= netstandard10
    System.Reflection.TypeExtensions (4.3.0) - framework: >= net463, >= netstandard16, netcore10
    System.Resources.Reader (4.3.0) - framework: netcore10
    System.Runtime (4.3.0) - framework: >= net463, dnxcore50, netstandard10, >= netstandard13
      Microsoft.NETCore.Platforms (>= 1.1) - framework: dnxcore50, netstandard10, netstandard12, netstandard13, >= netstandard15
      Microsoft.NETCore.Targets (>= 1.1) - framework: dnxcore50, netstandard10, netstandard12, netstandard13, >= netstandard15
    System.Runtime.Loader (4.3.0) - framework: >= net463, >= netstandard16, netcore10
    System.Security.Cryptography.Algorithms (4.3.0) - framework: netcore10
    System.Security.Cryptography.Encoding (4.3.0) - framework: netcore10
    System.Security.Cryptography.Primitives (4.3.0) - framework: netcore10
    System.Security.Cryptography.X509Certificates (4.3.0) - framework: netcore10
    System.Text.Encoding (4.3.0) - framework: dnxcore50, netstandard10, netstandard13, >= netstandard15
      Microsoft.NETCore.Platforms (>= 1.1) - framework: dnxcore50, netstandard10, >= netstandard13
      Microsoft.NETCore.Targets (>= 1.1) - framework: dnxcore50, netstandard10, >= netstandard13
      System.Runtime (>= 4.3) - framework: dnxcore50, netstandard10, >= netstandard13
    System.Threading.Tasks (4.3.0) - framework: dnxcore50, netstandard10, netstandard13, >= netstandard15
      Microsoft.NETCore.Platforms (>= 1.1) - framework: dnxcore50, netstandard10, >= netstandard13
      Microsoft.NETCore.Targets (>= 1.1) - framework: dnxcore50, netstandard10, >= netstandard13
      System.Runtime (>= 4.3) - framework: dnxcore50, netstandard10, >= netstandard13
    System.Threading.Tasks.Dataflow (4.7.0) - framework: netcore10
    System.Threading.Tasks.Extensions (4.3.0) - framework: netcore10
    System.Threading.Tasks.Parallel (4.3.0) - framework: >= net463, >= netstandard16, netcore10
    System.Threading.Thread (4.3.0) - framework: >= net463, >= netstandard16, netcore10
    System.Threading.ThreadPool (4.3.0) - framework: >= net463, >= netstandard16, netcore10

GROUP build
NUGET
  remote: https://www.nuget.org/api/v2
    FAKE (4.46)
    FSharp.Compiler.Service (2.0.0.6)
    FSharp.Formatting (2.14.4)
      FSharp.Compiler.Service (2.0.0.6)
      FSharpVSPowerTools.Core (>= 2.3 < 2.4)
    FSharpVSPowerTools.Core (2.3)
      FSharp.Compiler.Service (>= 2.0.0.3)
